Brain Vision Data Exchange Header File Version 1.0
; Data created by the Vision Recorder

[Common Infos]
Codepage=UTF-8
DataFile=74_rs_cs.eeg
MarkerFile=74_rs_cs.vmrk
DataFormat=BINARY
; Data orientation: MULTIPLEXED=ch1,pt1, ch2,pt1 ...
DataOrientation=MULTIPLEXED
NumberOfChannels=64
; Sampling interval in microseconds
SamplingInterval=2000

[Binary Infos]
BinaryFormat=INT_16

[Channel Infos]
; Each entry: Ch<Channel number>=<Name>,<Reference channel name>,
; <Resolution in "Unit">,<Unit>, Future extensions..
; Fields are delimited by commas, some fields might be omitted (empty).
; Commas in channel names are coded as "\1".
Ch1=Fp1,,0.1,µV
Ch2=Fp2,,0.1,µV
Ch3=F3,,0.1,µV
Ch4=F4,,0.1,µV
Ch5=C3,,0.1,µV
Ch6=C4,,0.1,µV
Ch7=P3,,0.1,µV
Ch8=P4,,0.1,µV
Ch9=O1,,0.1,µV
Ch10=O2,,0.1,µV
Ch11=F7,,0.1,µV
Ch12=F8,,0.1,µV
Ch13=T7,,0.1,µV
Ch14=T8,,0.1,µV
Ch15=P7,,0.1,µV
Ch16=P8,,0.1,µV
Ch17=Fpz,,0.1,µV
Ch18=Fz,,0.1,µV
Ch19=Cz,,0.1,µV
Ch20=CPz,,0.1,µV
Ch21=Pz,,0.1,µV
Ch22=POz,,0.1,µV
Ch23=Oz,,0.1,µV
Ch24=Iz,,0.1,µV
Ch25=M1,,0.1,µV
Ch26=M2,,0.1,µV
Ch27=EOG1,,0.1,µV
Ch28=EOG2,,0.1,µV
Ch29=EMG1,,0.1,µV
Ch30=EMG2,,0.1,µV
Ch31=EMG3,,0.1,µV
Ch32=ECG,,0.1,µV
Ch33=AF3,,0.1,µV
Ch34=AF4,,0.1,µV
Ch35=F1,,0.1,µV
Ch36=F2,,0.1,µV
Ch37=F5,,0.1,µV
Ch38=F6,,0.1,µV
Ch39=FC1,,0.1,µV
Ch40=FC2,,0.1,µV
Ch41=FC3,,0.1,µV
Ch42=FC4,,0.1,µV
Ch43=FC5,,0.1,µV
Ch44=FC6,,0.1,µV
Ch45=FT7,,0.1,µV
Ch46=FT8,,0.1,µV
Ch47=C1,,0.1,µV
Ch48=C2,,0.1,µV
Ch49=C5,,0.1,µV
Ch50=C6,,0.1,µV
Ch51=CP1,,0.1,µV
Ch52=CP2,,0.1,µV
Ch53=CP3,,0.1,µV
Ch54=CP4,,0.1,µV
Ch55=CP5,,0.1,µV
Ch56=CP6,,0.1,µV
Ch57=TP7,,0.1,µV
Ch58=TP8,,0.1,µV
Ch59=P1,,0.1,µV
Ch60=P2,,0.1,µV
Ch61=P5,,0.1,µV
Ch62=P6,,0.1,µV
Ch63=PO3,,0.1,µV
Ch64=PO4,,0.1,µV

[Coordinates]
; Electrode Position File: C:\Vision\ElectrodePositionFiles\BC-SL-128.bvef
Ch1=1,-90,-72
Ch2=1,90,72
Ch3=1,-60,-51
Ch4=1,60,51
Ch5=1,-45,0
Ch6=1,45,0
Ch7=1,-60,51
Ch8=1,60,-51
Ch9=1,-90,72
Ch10=1,90,-72
Ch11=1,-90,-36
Ch12=1,90,36
Ch13=1,-90,0
Ch14=1,90,0
Ch15=1,-90,36
Ch16=1,90,-36
Ch17=1,90,90
Ch18=1,45,90
Ch19=1,0,0
Ch20=1,22,-90
Ch21=1,45,-90
Ch22=1,67,-90
Ch23=1,90,-90
Ch24=1,112,-90
Ch25=1,-121,18
Ch26=1,121,-18
Ch27=1,-121,-30
Ch28=1,121,30
Ch29=0,-154,-56
Ch30=0,-145,-61
Ch31=0,-138,-68
Ch32=0,-156,49
Ch33=1,-74,-68
Ch34=1,74,68
Ch35=1,-49,-68
Ch36=1,49,68
Ch37=1,-74,-41
Ch38=1,74,41
Ch39=1,-31,-46
Ch40=1,31,46
Ch41=1,-49,-29
Ch42=1,49,29
Ch43=1,-69,-21
Ch44=1,69,21
Ch45=1,-90,-18
Ch46=1,90,18
Ch47=1,-23,0
Ch48=1,23,0
Ch49=1,-68,0
Ch50=1,68,0
Ch51=1,-31,46
Ch52=1,31,-46
Ch53=1,-49,29
Ch54=1,49,-29
Ch55=1,-69,21
Ch56=1,69,-21
Ch57=1,-90,18
Ch58=1,90,-18
Ch59=1,-49,68
Ch60=1,49,-68
Ch61=1,-74,41
Ch62=1,74,-41
Ch63=1,-74,68
Ch64=1,74,-68

[Comment]

BrainVision Recorder Professional   -   V. 1.20.0801


A m p l i f i e r  S e t u p
============================
Number of channels: 64
Sampling Rate [Hz]: 500
Sampling Interval [µS]: 2000

Channels
--------
#     Name      Phys. Chn.    Resolution / Unit   Low Cutoff [s]   High Cutoff [Hz]   Notch [Hz]    Series Res. [kOhm] Gradient         Offset
1     Fp1         1                0.1 µV             10             1000              Off                0                 
2     Fp2         2                0.1 µV             10             1000              Off                0                 
3     F3          3                0.1 µV             10             1000              Off                0                 
4     F4          4                0.1 µV             10             1000              Off                0                 
5     C3          5                0.1 µV             10             1000              Off                0                 
6     C4          6                0.1 µV             10             1000              Off                0                 
7     P3          7                0.1 µV             10             1000              Off                0                 
8     P4          8                0.1 µV             10             1000              Off                0                 
9     O1          9                0.1 µV             10             1000              Off                0                 
10    O2          10               0.1 µV             10             1000              Off                0                 
11    F7          11               0.1 µV             10             1000              Off                0                 
12    F8          12               0.1 µV             10             1000              Off                0                 
13    T7          13               0.1 µV             10             1000              Off                0                 
14    T8          14               0.1 µV             10             1000              Off                0                 
15    P7          15               0.1 µV             10             1000              Off                0                 
16    P8          16               0.1 µV             10             1000              Off                0                 
17    Fpz         17               0.1 µV             10             1000              Off                0                 
18    Fz          18               0.1 µV             10             1000              Off                0                 
19    Cz          19               0.1 µV             10             1000              Off                0                 
20    CPz         20               0.1 µV             10             1000              Off                0                 
21    Pz          21               0.1 µV             10             1000              Off                0                 
22    POz         22               0.1 µV             10             1000              Off                0                 
23    Oz          23               0.1 µV             10             1000              Off                0                 
24    Iz          24               0.1 µV             10             1000              Off                0                 
25    M1          25               0.1 µV             10             1000              Off                0                 
26    M2          26               0.1 µV             10             1000              Off                0                 
27    EOG1        27               0.1 µV             10             1000              Off                0                 
28    EOG2        28               0.1 µV             10             1000              Off                0                 
29    EMG1        29               0.1 µV             10             1000              Off                0                 
30    EMG2        30               0.1 µV             10             1000              Off                0                 
31    EMG3        31               0.1 µV             10             1000              Off                0                 
32    ECG         32               0.1 µV             10             1000              Off                0                 
33    AF3         33               0.1 µV             10             1000              Off                0                 
34    AF4         34               0.1 µV             10             1000              Off                0                 
35    F1          35               0.1 µV             10             1000              Off                0                 
36    F2          36               0.1 µV             10             1000              Off                0                 
37    F5          37               0.1 µV             10             1000              Off                0                 
38    F6          38               0.1 µV             10             1000              Off                0                 
39    FC1         39               0.1 µV             10             1000              Off                0                 
40    FC2         40               0.1 µV             10             1000              Off                0                 
41    FC3         41               0.1 µV             10             1000              Off                0                 
42    FC4         42               0.1 µV             10             1000              Off                0                 
43    FC5         43               0.1 µV             10             1000              Off                0                 
44    FC6         44               0.1 µV             10             1000              Off                0                 
45    FT7         45               0.1 µV             10             1000              Off                0                 
46    FT8         46               0.1 µV             10             1000              Off                0                 
47    C1          47               0.1 µV             10             1000              Off                0                 
48    C2          48               0.1 µV             10             1000              Off                0                 
49    C5          49               0.1 µV             10             1000              Off                0                 
50    C6          50               0.1 µV             10             1000              Off                0                 
51    CP1         51               0.1 µV             10             1000              Off                0                 
52    CP2         52               0.1 µV             10             1000              Off                0                 
53    CP3         53               0.1 µV             10             1000              Off                0                 
54    CP4         54               0.1 µV             10             1000              Off                0                 
55    CP5         55               0.1 µV             10             1000              Off                0                 
56    CP6         56               0.1 µV             10             1000              Off                0                 
57    TP7         57               0.1 µV             10             1000              Off                0                 
58    TP8         58               0.1 µV             10             1000              Off                0                 
59    P1          59               0.1 µV             10             1000              Off                0                 
60    P2          60               0.1 µV             10             1000              Off                0                 
61    P5          61               0.1 µV             10             1000              Off                0                 
62    P6          62               0.1 µV             10             1000              Off                0                 
63    PO3         63               0.1 µV             10             1000              Off                0                 
64    PO4         64               0.1 µV             10             1000              Off                0                 

S o f t w a r e  F i l t e r s
==============================
#     Low Cutoff [s]   High Cutoff [Hz]   Notch [Hz]
1      1.59155          Off                Off
2      1.59155          Off                Off
3      1.59155          Off                Off
4      1.59155          Off                Off
5      1.59155          Off                Off
6      1.59155          Off                Off
7      1.59155          Off                Off
8      1.59155          Off                Off
9      1.59155          Off                Off
10     1.59155          Off                Off
11     1.59155          Off                Off
12     1.59155          Off                Off
13     1.59155          Off                Off
14     1.59155          Off                Off
15     1.59155          Off                Off
16     1.59155          Off                Off
17     1.59155          Off                Off
18     1.59155          Off                Off
19     1.59155          Off                Off
20     1.59155          Off                Off
21     1.59155          Off                Off
22     1.59155          Off                Off
23     1.59155          Off                Off
24     1.59155          Off                Off
25     1.59155          Off                Off
26     1.59155          Off                Off
27     1.59155          Off                Off
28     1.59155          Off                Off
29     1.59155          Off                Off
30     1.59155          Off                Off
31     1.59155          Off                Off
32     1.59155          Off                Off
33     1.59155          Off                Off
34     1.59155          Off                Off
35     1.59155          Off                Off
36     1.59155          Off                Off
37     1.59155          Off                Off
38     1.59155          Off                Off
39     1.59155          Off                Off
40     1.59155          Off                Off
41     1.59155          Off                Off
42     1.59155          Off                Off
43     1.59155          Off                Off
44     1.59155          Off                Off
45     1.59155          Off                Off
46     1.59155          Off                Off
47     1.59155          Off                Off
48     1.59155          Off                Off
49     1.59155          Off                Off
50     1.59155          Off                Off
51     1.59155          Off                Off
52     1.59155          Off                Off
53     1.59155          Off                Off
54     1.59155          Off                Off
55     1.59155          Off                Off
56     1.59155          Off                Off
57     1.59155          Off                Off
58     1.59155          Off                Off
59     1.59155          Off                Off
60     1.59155          Off                Off
61     1.59155          Off                Off
62     1.59155          Off                Off
63     1.59155          Off                Off
64     1.59155          Off                Off


Data Electrodes Selected Impedance Measurement Range: 0 - 10 kOhm
Ground Electrode Selected Impedance Measurement Range: 0 - 10 kOhm
Reference Electrode Selected Impedance Measurement Range: 0 - 10 kOhm
Impedance [kOhm] at 11:43:46 :
Fp1:          2
Fp2:          1
F3:           1
F4:           1
C3:           3
C4:           2
P3:           2
P4:           1
O1:           6
O2:           2
F7:           4
F8:           2
T7:           2
T8:           3
P7:           4
P8:           2
Fpz:          2
Fz:           5
Cz:           1
CPz:          2
Pz:           1
POz:          2
Oz:           3
Iz:           7
M1:           3
M2:           2
EOG1:         4
EOG2:         3
EMG1:        13
EMG2:        13
EMG3:        13
ECG:         13
AF3:          0
AF4:          0
F1:           1
F2:           0
F5:           2
F6:           0
FC1:          3
FC2:          1
FC3:          1
FC4:          2
FC5:          4
FC6:          4
FT7:          3
FT8:          5
C1:           1
C2:           4
C5:           1
C6:           2
CP1:          2
CP2:          4
CP3:          3
CP4:          2
CP5:          2
CP6:          2
TP7:          3
TP8:          3
P1:           2
P2:           2
P5:           4
P6:           1
PO3:          7
PO4:          2
Ref:          1
Gnd:          1
